GEM
  remote: https://rubygems.org/
  specs:
    eventmachine (1.2.7-x64-mingw32)
    faye-websocket (0.10.9)
      eventmachine (>= 0.12.0)
      websocket-driver (>= 0.5.1)
    websocket-driver (0.7.1)
      websocket-extensions (>= 0.1.0)
    websocket-extensions (0.1.4)

PLATFORMS
  x64-mingw32

DEPENDENCIES
  faye-websocket

BUNDLED WITH
   2.0.2
